GEM
  remote: https://rubygems.org/
  specs:
    coderay (1.1.3)
    ffi (1.15.5)
    google-protobuf (3.21.7)
    method_source (1.0.0)
    mini_portile2 (2.8.0)
    pry (0.14.1)
      coderay (~> 1.1)
      method_source (~> 1.0)
    rake (13.0.6)
    rdkafka (0.12.0)
      ffi (~> 1.15)
      mini_portile2 (~> 2.6)
      rake (> 12)

PLATFORMS
  ruby

DEPENDENCIES
  google-protobuf
  pry
  rdkafka

BUNDLED WITH
   2.3.7
