GEM
  remote: https://rubygems.org/
  specs:
    ffi (1.15.5)
    google-protobuf (3.21.7)
    mini_portile2 (2.8.0)
    rake (13.0.6)
    rdkafka (0.12.0)
      ffi (~> 1.15)
      mini_portile2 (~> 2.6)
      rake (> 12)

PLATFORMS
  ruby

DEPENDENCIES
  google-protobuf
  rdkafka

BUNDLED WITH
   2.3.7
